GEM
  remote: https://rubygems.org/
  specs:
    celluloid (0.17.2)
      celluloid-essentials
      celluloid-extras
      celluloid-fsm
      celluloid-pool
      celluloid-supervision
      timers (>= 4.1.1)
    celluloid-essentials (0.20.5)
      timers (>= 4.1.1)
    celluloid-extras (0.20.5)
      timers (>= 4.1.1)
    celluloid-fsm (0.20.5)
      timers (>= 4.1.1)
    celluloid-pool (0.20.5)
      timers (>= 4.1.1)
    celluloid-supervision (0.20.5)
      timers (>= 4.1.1)
    coderay (1.1.0)
    connection_pool (2.2.0)
    eventmachine (1.0.8-java)
    ffi (1.9.10-java)
    hitimes (1.2.3-java)
    method_source (0.8.2)
    pry (0.10.3-java)
      coderay (~> 1.1.0)
      method_source (~> 0.8.1)
      slop (~> 3.4)
      spoon (~> 0.0)
    redis (3.2.2)
    redis-namespace (1.5.2)
      redis (~> 3.0, >= 3.0.4)
    slop (3.6.0)
    spoon (0.0.4)
      ffi
    timers (4.1.1)
      hitimes
    websocket (1.2.2)
    websocket-eventmachine-base (1.1.1)
      eventmachine (~> 1.0)
      websocket (~> 1.0)
      websocket-native (~> 1.0)
    websocket-eventmachine-server (1.0.1)
      websocket-eventmachine-base (~> 1.0)
    websocket-native (1.0.0-java)

PLATFORMS
  java

DEPENDENCIES
  celluloid
  connection_pool
  pry
  redis
  redis-namespace
  websocket-eventmachine-server

BUNDLED WITH
   1.10.6
