GEM
  remote: https://rubygems.org/
  specs:
    activesupport (4.2.6)
      i18n (~> 0.7)
      json (~> 1.7, >= 1.7.7)
      minitest (~> 5.1)
      thread_safe (~> 0.3, >= 0.3.4)
      tzinfo (~> 1.1)
    axiom-types (0.1.1)
      descendants_tracker (~> 0.0.4)
      ice_nine (~> 0.11.0)
      thread_safe (~> 0.3, >= 0.3.1)
    builder (3.2.2)
    coderay (1.1.1)
    coercible (1.0.0)
      descendants_tracker (~> 0.0.1)
    descendants_tracker (0.0.4)
      thread_safe (~> 0.3, >= 0.3.1)
    enumerable-lazy (0.0.1)
    equalizer (0.0.11)
    ffi (1.9.10-java)
    grape (0.16.2)
      activesupport
      builder
      hashie (>= 2.1.0)
      multi_json (>= 1.3.2)
      multi_xml (>= 0.5.2)
      mustermann19 (~> 0.4.3)
      rack (>= 1.3.0)
      rack-accept
      virtus (>= 1.0.0)
    grape-middleware-logger (1.6.0)
      grape (>= 0.14, < 1)
    hashie (3.4.3)
    i18n (0.7.0)
    ice_nine (0.11.2)
    json (1.8.3-java)
    method_source (0.8.2)
    minitest (5.8.4)
    multi_json (1.11.2)
    multi_xml (0.5.5)
    mustermann19 (0.4.3)
      enumerable-lazy
    pry (0.10.3-java)
      coderay (~> 1.1.0)
      method_source (~> 0.8.1)
      slop (~> 3.4)
      spoon (~> 0.0)
    puma (3.4.0-java)
    rack (1.6.4)
    rack-accept (0.4.5)
      rack (>= 0.4)
    settingslogic (2.0.9)
    slop (3.6.0)
    spoon (0.0.4)
      ffi
    thread_safe (0.3.5-java)
    tzinfo (1.2.2)
      thread_safe (~> 0.1)
    virtus (1.0.5)
      axiom-types (~> 0.1)
      coercible (~> 1.0)
      descendants_tracker (~> 0.0, >= 0.0.3)
      equalizer (~> 0.0, >= 0.0.9)

PLATFORMS
  java

DEPENDENCIES
  grape
  grape-middleware-logger
  pry
  puma
  settingslogic

BUNDLED WITH
   1.11.2
